GIT
  remote: https://github.com/hpcloud/diplomat.git
  revision: f28ff9fd731e258931ab3794d9aaccec58041489
  branch: recurse-always-arrays
  specs:
    diplomat (0.13.2)
      faraday (~> 0.9)
      json (~> 1.8)

GEM
  remote: https://rubygems.org/
  specs:
    ast (2.1.0)
    astrolabe (1.3.1)
      parser (~> 2.2)
    bosh-template (1.3072.0)
      semi_semantic (~> 1.1.0)
    deep_merge (1.0.1)
    diff-lcs (1.2.5)
    faraday (0.9.2)
      multipart-post (>= 1.2, < 3)
    json (1.8.3)
    multipart-post (2.0.0)
    parser (2.2.3.0)
      ast (>= 1.1, < 3.0)
    powerpack (0.1.1)
    rainbow (2.0.0)
    rspec (3.2.0)
      rspec-core (~> 3.2.0)
      rspec-expectations (~> 3.2.0)
      rspec-mocks (~> 3.2.0)
    rspec-core (3.2.1)
      rspec-support (~> 3.2.0)
    rspec-expectations (3.2.0)
      diff-lcs (>= 1.2.0, < 2.0)
      rspec-support (~> 3.2.0)
    rspec-mocks (3.2.1)
      diff-lcs (>= 1.2.0, < 2.0)
      rspec-support (~> 3.2.0)
    rspec-support (3.2.2)
    rubocop (0.34.2)
      astrolabe (~> 1.3)
      parser (>= 2.2.2.5, < 3.0)
      powerpack (~> 0.1)
      rainbow (>= 1.99.1, < 3.0)
      ruby-progressbar (~> 1.4)
    ruby-progressbar (1.7.5)
    semi_semantic (1.1.0)

PLATFORMS
  ruby

DEPENDENCIES
  bosh-template (~> 1.3072.0)
  deep_merge (~> 1.0.1)
  diplomat!
  rspec
  rubocop

BUNDLED WITH
   1.10.6
