GEM
  remote: https://rubygems.org/
  specs:
    ast (2.2.0)
    bosh-template (1.3072.0)
      semi_semantic (~> 1.1.0)
    deep_merge (1.0.1)
    diff-lcs (1.2.5)
    mustache (1.0.2)
    parser (2.3.0.4)
      ast (~> 2.2)
    powerpack (0.1.1)
    rainbow (2.1.0)
    rspec (3.4.0)
      rspec-core (~> 3.4.0)
      rspec-expectations (~> 3.4.0)
      rspec-mocks (~> 3.4.0)
    rspec-core (3.4.2)
      rspec-support (~> 3.4.0)
    rspec-expectations (3.4.0)
      diff-lcs (>= 1.2.0, < 2.0)
      rspec-support (~> 3.4.0)
    rspec-mocks (3.4.1)
      diff-lcs (>= 1.2.0, < 2.0)
      rspec-support (~> 3.4.0)
    rspec-support (3.4.1)
    rubocop (0.37.2)
      parser (>= 2.3.0.4, < 3.0)
      powerpack (~> 0.1)
      rainbow (>= 1.99.1, < 3.0)
      ruby-progressbar (~> 1.7)
      unicode-display_width (~> 0.3)
    ruby-progressbar (1.7.5)
    semi_semantic (1.1.0)
    unicode-display_width (0.3.1)

PLATFORMS
  ruby

DEPENDENCIES
  bosh-template (~> 1.3072.0)
  deep_merge (~> 1.0.1)
  mustache (~> 1.0)
  rspec
  rubocop

BUNDLED WITH
   1.12.0.pre.1
